GIT
  remote: https://github.com/paulosalem/verum.git
  revision: fd936cbc0edbf524bf7049bc3051cbf7a0f63629
  specs:
    verum (0.3.0)
      minitest
      nokogiri
      sexp_processor
      sourcify (~> 0.5.0)

GEM
  remote: https://rubygems.org/
  specs:
    file-tail (1.1.0)
      tins (~> 1.0)
    mini_portile (0.6.2)
    minitest (5.5.1)
    nokogiri (1.6.6.2)
      mini_portile (~> 0.6.0)
    ruby2ruby (2.1.3)
      ruby_parser (~> 3.1)
      sexp_processor (~> 4.0)
    ruby_parser (3.6.5)
      sexp_processor (~> 4.1)
    sexp_processor (4.5.0)
    sourcify (0.5.0)
      file-tail (>= 1.0.5)
      ruby2ruby (>= 1.2.5)
      ruby_parser (>= 2.0.5)
      sexp_processor (>= 3.0.5)
    tins (1.3.5)

PLATFORMS
  ruby

DEPENDENCIES
  verum!
